GEM
  remote: https://rubygems.org/
  specs:
    haml (4.0.6)
      tilt
    mysql (2.9.1)
    rack (1.5.2)
    rack-protection (1.5.2)
      rack
    sequel (4.9.0)
    sinatra (1.4.4)
      rack (~> 1.4)
      rack-protection (~> 1.4)
      tilt (~> 1.3, >= 1.3.4)
    tilt (1.4.1)

PLATFORMS
  ruby

DEPENDENCIES
  bundler (= 1.6.0)
  haml (= 4.0.6)
  mysql (= 2.9.1)
  sequel (= 4.9.0)
  sinatra (= 1.4.4)
